GIT
  remote: https://github.com/fesplugas/typus.git
  revision: 5214ac82b537c25f00087bff41056e1878b1edc3
  specs:
    typus (3.0.10)
      bcrypt-ruby
      fastercsv (~> 1.5)
      render_inheritable
      will_paginate (~> 3.0.pre2)

GEM
  remote: http://rubygems.org/
  specs:
    abstract (1.0.0)
    actionmailer (3.0.5)
      actionpack (= 3.0.5)
      mail (~> 2.2.15)
    actionpack (3.0.5)
      activemodel (= 3.0.5)
      activesupport (= 3.0.5)
      builder (~> 2.1.2)
      erubis (~> 2.6.6)
      i18n (~> 0.4)
      rack (~> 1.2.1)
      rack-mount (~> 0.6.13)
      rack-test (~> 0.5.7)
      tzinfo (~> 0.3.23)
    activemodel (3.0.5)
      activesupport (= 3.0.5)
      builder (~> 2.1.2)
      i18n (~> 0.4)
    activerecord (3.0.5)
      activemodel (= 3.0.5)
      activesupport (= 3.0.5)
      arel (~> 2.0.2)
      tzinfo (~> 0.3.23)
    activeresource (3.0.5)
      activemodel (= 3.0.5)
      activesupport (= 3.0.5)
    activesupport (3.0.5)
    arel (2.0.9)
    aws-s3 (0.6.2)
      builder
      mime-types
      xml-simple
    bcrypt-ruby (2.1.4)
    builder (2.1.2)
    configuration (1.2.0)
    couchrest (1.0.1)
      json (>= 1.4.6)
      mime-types (>= 1.15)
      rest-client (>= 1.5.1)
    crack (0.1.8)
    devise (1.3.4)
      bcrypt-ruby (~> 2.1.2)
      orm_adapter (~> 0.0.3)
      warden (~> 1.0.3)
    erubis (2.6.6)
      abstract (>= 1.0.0)
    fastercsv (1.5.4)
    heroku (1.18.3)
      launchy (~> 0.3.2)
      rest-client (< 1.7.0, >= 1.4.0)
    httparty (0.7.7)
      crack (= 0.1.8)
    i18n (0.5.0)
    json (1.5.1)
    launchy (0.3.7)
      configuration (>= 0.0.5)
      rake (>= 0.8.1)
    mail (2.2.15)
      activesupport (>= 2.3.6)
      i18n (>= 0.4.0)
      mime-types (~> 1.16)
      treetop (~> 1.4.8)
    mime-types (1.16)
    orm_adapter (0.0.5)
    paperclip (2.3.11)
      activerecord (>= 2.3.0)
      activesupport (>= 2.3.2)
    polyglot (0.3.1)
    rack (1.2.1)
    rack-mount (0.6.13)
      rack (>= 1.0.0)
    rack-test (0.5.7)
      rack (>= 1.0)
    rails (3.0.5)
      actionmailer (= 3.0.5)
      actionpack (= 3.0.5)
      activerecord (= 3.0.5)
      activeresource (= 3.0.5)
      activesupport (= 3.0.5)
      bundler (~> 1.0)
      railties (= 3.0.5)
    railties (3.0.5)
      actionpack (= 3.0.5)
      activesupport (= 3.0.5)
      rake (>= 0.8.7)
      thor (~> 0.14.4)
    rake (0.8.7)
    recaptcha (0.3.1)
    render_inheritable (1.0.0)
      rails (~> 3.0)
    rest-client (1.6.1)
      mime-types (>= 1.16)
    sass (3.1.0.alpha.221)
    shortly (0.3.2)
      httparty
      json
    slim (0.9.1)
      temple (~> 0.1.8)
      tilt (~> 1.2)
    sqlite3 (1.3.3)
    temple (0.1.8)
    thor (0.14.6)
    tilt (1.2.2)
    treetop (1.4.9)
      polyglot (>= 0.3.1)
    tzinfo (0.3.24)
    validates_as_email_address (0.2.4)
    warden (1.0.4)
      rack (>= 1.0)
    will_paginate (3.0.pre2)
    xml-simple (1.0.15)

PLATFORMS
  ruby

DEPENDENCIES
  aws-s3
  couchrest
  devise (~> 1.3)
  heroku
  json
  paperclip (~> 2.3)
  rails (= 3.0.5)
  recaptcha
  sass
  shortly
  slim
  sqlite3
  typus!
  validates_as_email_address
