GIT
  remote: git://github.com/couchrest/couchrest.git
  revision: 61aee8c13aababccc6f7f327a77e1430def14037
  specs:
    couchrest (1.1.3)
      mime-types (~> 1.15)
      multi_json (~> 1.0)
      rest-client (~> 1.6.1)

GIT
  remote: git://github.com/iain/http_accept_language.git
  revision: 7738e45ba154015597fca749b7d0257861c14a02
  specs:
    http_accept_language (2.0.0.pre)

GIT
  remote: https://github.com/mindeavor/aritcaptcha.git
  revision: f95ad8292012fa34bc0293e05de267553907a1d9
  specs:
    aritcaptcha (2.0.5)

GIT
  remote: https://github.com/mindeavor/wepay-rails
  revision: 059a73a5ed9af286c815fcb56c3130b788d9af56
  specs:
    wepay-rails (2.3.5)
      httparty

GIT
  remote: https://github.com/thoughtbot/paperclip
  revision: 7db7ce8eea292605be29d99d6a7a3d39ac833361
  tag: v2.3.14
  specs:
    paperclip (2.3.14)
      activerecord (>= 2.3.0)
      activesupport (>= 2.3.2)
      cocaine (>= 0.0.2)
      mime-types

GEM
  remote: http://rubygems.org/
  specs:
    RedCloth (4.2.9)
    actionmailer (3.2.8)
      actionpack (= 3.2.8)
      mail (~> 2.4.4)
    actionmailer-with-request (0.3.0)
      rails (>= 3)
    actionpack (3.2.8)
      activemodel (= 3.2.8)
      activesupport (= 3.2.8)
      builder (~> 3.0.0)
      erubis (~> 2.7.0)
      journey (~> 1.0.4)
      rack (~> 1.4.0)
      rack-cache (~> 1.2)
      rack-test (~> 0.6.1)
      sprockets (~> 2.1.3)
    activemodel (3.2.8)
      activesupport (= 3.2.8)
      builder (~> 3.0.0)
    activerecord (3.2.8)
      activemodel (= 3.2.8)
      activesupport (= 3.2.8)
      arel (~> 3.0.2)
      tzinfo (~> 0.3.29)
    activeresource (3.2.8)
      activemodel (= 3.2.8)
      activesupport (= 3.2.8)
    activesupport (3.2.8)
      i18n (~> 0.6)
      multi_json (~> 1.0)
    addressable (2.3.2)
    ansi (1.4.3)
    arel (3.0.2)
    aws-s3 (0.6.3)
      builder
      mime-types
      xml-simple
    aws-ses (0.4.4)
      builder
      mail (> 2.2.5)
      mime-types
      xml-simple
    bcrypt-ruby (3.0.1)
    bson (1.5.2)
    bson_ext (1.5.2)
      bson (= 1.5.2)
    builder (3.0.0)
    cancan (1.6.7)
    carrierwave (0.6.2)
      activemodel (>= 3.2.0)
      activesupport (>= 3.2.0)
    carrierwave-mongoid (0.2.1)
      carrierwave (~> 0.6.1)
      mongoid (~> 2.1)
    cells (3.8.5)
      actionpack (~> 3.0)
      railties (~> 3.0)
    chunky_png (1.2.6)
    cocaine (0.3.0)
    codemirror-rails (2.33)
      railties (~> 3.0)
    coffee-rails (3.2.2)
      coffee-script (>= 2.2.0)
      railties (~> 3.2.0)
    coffee-script (2.2.0)
      coffee-script-source
      execjs
    coffee-script-source (1.3.3)
    compass (0.12.2)
      chunky_png (~> 1.2)
      fssm (>= 0.2.7)
      sass (~> 3.1)
    compass-rails (1.0.3)
      compass (>= 0.12.2, < 0.14)
    custom_fields (2.0.0.rc13)
      activesupport (~> 3.2.1)
      carrierwave-mongoid (~> 0.2.1)
      mongoid (~> 2.4.9)
    devise (2.1.2)
      bcrypt-ruby (~> 3.0)
      orm_adapter (~> 0.1)
      railties (~> 3.1)
      warden (~> 1.2.1)
    devise-encryptable (0.1.1)
      devise (>= 2.1.0.rc)
    dragonfly (0.9.12)
      rack
    ejs (1.0.0)
    erubis (2.7.0)
    excon (0.13.4)
    execjs (1.4.0)
      multi_json (~> 1.0)
    flash_cookie_session (1.1.3)
      rails (~> 3.0)
    fog (1.3.1)
      builder
      excon (~> 0.13.0)
      formatador (~> 0.2.0)
      mime-types
      multi_json (~> 1.0)
      net-scp (~> 1.0.4)
      net-ssh (>= 2.1.3)
      nokogiri (~> 1.5.0)
      ruby-hmac
    formatador (0.2.3)
    formtastic (2.0.2)
      rails (~> 3.0)
    fssm (0.2.9)
    haml (3.1.7)
    heroku (2.26.3)
      heroku-api (~> 0.2.1)
      launchy (>= 0.3.2)
      netrc (~> 0.7.2)
      rest-client (~> 1.6.1)
      rubyzip
    heroku-api (0.2.1)
      excon (~> 0.13.3)
    highline (1.6.14)
    hike (1.2.1)
    httparty (0.8.3)
      multi_json (~> 1.0)
      multi_xml
    i18n (0.6.1)
    journey (1.0.4)
    jquery-rails (1.0.19)
      railties (~> 3.0)
      thor (~> 0.14)
    json (1.7.5)
    kaminari (0.13.0)
      actionpack (>= 3.0.0)
      activesupport (>= 3.0.0)
      railties (>= 3.0.0)
    launchy (2.1.2)
      addressable (~> 2.3)
    locomotive-aloha-rails (0.20.1.4)
      actionpack (~> 3.2.1)
    locomotive-mongoid-tree (0.6.2)
      mongoid (~> 2.0)
    locomotive-tinymce-rails (3.4.7.2)
      actionpack (~> 3.0)
    locomotive_cms (2.0.0.rc11)
      RedCloth (~> 4.2.8)
      actionmailer-with-request (~> 0.3.0)
      bson_ext (~> 1.5.2)
      cancan (= 1.6.7)
      carrierwave-mongoid (~> 0.2.1)
      cells (~> 3.8.0)
      codemirror-rails (~> 2.21)
      custom_fields (~> 2.0.0.rc13)
      devise (~> 2.1.0)
      devise-encryptable (~> 0.1.1)
      dragonfly (~> 0.9.8)
      flash_cookie_session (~> 1.1.1)
      fog (~> 1.3.1)
      formtastic (~> 2.0.2)
      haml (~> 3.1.7)
      highline (~> 1.6.2)
      httparty (~> 0.8.1)
      jquery-rails (~> 1.0.19)
      kaminari (~> 0.13.0)
      locomotive-aloha-rails (~> 0.20.1.4)
      locomotive-mongoid-tree (~> 0.6.2)
      locomotive-tinymce-rails (~> 3.4.7.2)
      locomotive_liquid (~> 2.2.3)
      mimetype-fu (~> 0.1.2)
      mongo (~> 1.5.2)
      mongoid (~> 2.4.12)
      multi_json (~> 1.3.4)
      rack-cache (~> 1.1)
      rails (~> 3.2.8)
      rails-backbone (~> 0.6.1)
      rake (~> 0.9.2)
      responders (~> 0.6.4)
      rmagick (~> 2.12.2)
      sanitize (~> 2.0.3)
      unidecoder (~> 1.1.1)
    locomotive_liquid (2.2.3)
    mail (2.4.4)
      i18n (>= 0.4.0)
      mime-types (~> 1.16)
      treetop (~> 1.4.8)
    mime-types (1.19)
    mimetype-fu (0.1.2)
    minitest (3.2.0)
    minitest-spec-rails (3.0.6)
      minitest
      rails (~> 3.0)
    money (5.0.0)
      i18n (~> 0.4)
      json
    mongo (1.5.2)
      bson (= 1.5.2)
    mongoid (2.4.12)
      activemodel (~> 3.1)
      mongo (<= 1.6.2)
      tzinfo (~> 0.3.22)
    multi_json (1.3.6)
    multi_xml (0.5.1)
    net-scp (1.0.4)
      net-ssh (>= 1.99.1)
    net-ssh (2.5.2)
    netrc (0.7.7)
    newrelic_rpm (3.4.1)
    nokogiri (1.5.5)
    orm_adapter (0.4.0)
    pg (0.14.1)
    polyglot (0.3.3)
    rack (1.4.1)
    rack-cache (1.2)
      rack (>= 0.4)
    rack-ssl (1.3.2)
      rack
    rack-test (0.6.1)
      rack (>= 1.0)
    rails (3.2.8)
      actionmailer (= 3.2.8)
      actionpack (= 3.2.8)
      activerecord (= 3.2.8)
      activeresource (= 3.2.8)
      activesupport (= 3.2.8)
      bundler (~> 1.0)
      railties (= 3.2.8)
    rails-backbone (0.6.1)
      coffee-script (~> 2.2.0)
      ejs (~> 1.0.0)
      railties (>= 3.1.0)
    railties (3.2.8)
      actionpack (= 3.2.8)
      activesupport (= 3.2.8)
      rack-ssl (~> 1.3.2)
      rake (>= 0.8.7)
      rdoc (~> 3.4)
      thor (>= 0.14.6, < 2.0)
    rake (0.9.2.2)
    rdoc (3.12)
      json (~> 1.4)
    recaptcha (0.3.4)
    responders (0.6.5)
    rest-client (1.6.7)
      mime-types (>= 1.16)
    rmagick (2.12.2)
    ruby-hmac (0.4.0)
    rubyzip (0.9.9)
    sanitize (2.0.3)
      nokogiri (>= 1.4.4, < 1.6)
    sass (3.2.1)
    sass-rails (3.2.5)
      railties (~> 3.2.0)
      sass (>= 3.1.10)
      tilt (~> 1.3)
    shortly (0.3.3)
      httparty
      json
    slim (1.3.0)
      temple (~> 0.4.1)
      tilt (~> 1.3.3)
    sprockets (2.1.3)
      hike (~> 1.2)
      rack (~> 1.0)
      tilt (~> 1.1, != 1.3.0)
    temple (0.4.1)
    thor (0.16.0)
    tilt (1.3.3)
    treetop (1.4.10)
      polyglot
      polyglot (>= 0.3.1)
    turn (0.9.6)
      ansi
    typus (3.1.10)
      bcrypt-ruby (~> 3.0.0)
      jquery-rails
      rails (>= 3.1.3)
    tzinfo (0.3.33)
    uglifier (1.3.0)
      execjs (>= 0.3.0)
      multi_json (~> 1.0, >= 1.0.2)
    unidecoder (1.1.1)
    validates_as_email_address (0.2.4)
    warden (1.2.1)
      rack (>= 1.0)
    xml-simple (1.1.1)

PLATFORMS
  ruby

DEPENDENCIES
  aritcaptcha!
  aws-s3
  aws-ses (~> 0.4.4)
  coffee-rails
  compass-rails (~> 1.0.2)
  couchrest!
  devise
  heroku
  http_accept_language!
  jquery-rails
  json
  kaminari
  locomotive_cms (~> 2.0.0.rc11)
  minitest (~> 3.2.0)
  minitest-spec-rails (~> 3.0.5)
  money
  newrelic_rpm (~> 3.3)
  paperclip!
  pg
  rails (= 3.2.8)
  recaptcha (= 0.3.4)
  rmagick
  sass
  sass-rails
  shortly
  slim
  turn (~> 0.9.6)
  typus
  uglifier
  validates_as_email_address
  wepay-rails!
