GIT
  remote: git://github.com/couchrest/couchrest.git
  revision: 239e6c95cfec7cb027bc613f9bb24f82c5751d64
  ref: 239e6c95cfec7
  specs:
    couchrest (1.1.2)
      mime-types (~> 1.15)
      multi_json (~> 1.0.0)
      rest-client (~> 1.6.1)

GIT
  remote: https://github.com/mindeavor/aritcaptcha.git
  revision: f95ad8292012fa34bc0293e05de267553907a1d9
  specs:
    aritcaptcha (2.0.5)

GIT
  remote: https://github.com/mindeavor/wepay-rails
  revision: 809949836fee07d0b27be105b5b2971f40039c9e
  specs:
    wepay-rails (2.2.5)
      httparty

GIT
  remote: https://github.com/thoughtbot/paperclip
  revision: 7db7ce8eea292605be29d99d6a7a3d39ac833361
  tag: v2.3.14
  specs:
    paperclip (2.3.14)
      activerecord (>= 2.3.0)
      activesupport (>= 2.3.2)
      cocaine (>= 0.0.2)
      mime-types

GEM
  remote: http://rubygems.org/
  specs:
    abstract (1.0.0)
    actionmailer (3.0.8)
      actionpack (= 3.0.8)
      mail (~> 2.2.19)
    actionpack (3.0.8)
      activemodel (= 3.0.8)
      activesupport (= 3.0.8)
      builder (~> 2.1.2)
      erubis (~> 2.6.6)
      i18n (~> 0.5.0)
      rack (~> 1.2.1)
      rack-mount (~> 0.6.14)
      rack-test (~> 0.5.7)
      tzinfo (~> 0.3.23)
    activemodel (3.0.8)
      activesupport (= 3.0.8)
      builder (~> 2.1.2)
      i18n (~> 0.5.0)
    activerecord (3.0.8)
      activemodel (= 3.0.8)
      activesupport (= 3.0.8)
      arel (~> 2.0.10)
      tzinfo (~> 0.3.23)
    activeresource (3.0.8)
      activemodel (= 3.0.8)
      activesupport (= 3.0.8)
    activesupport (3.0.8)
    arel (2.0.10)
    aws-s3 (0.6.2)
      builder
      mime-types
      xml-simple
    aws-ses (0.4.4)
      builder
      mail (> 2.2.5)
      mime-types
      xml-simple
    bcrypt-ruby (2.1.4)
    bcrypt-ruby (2.1.4-java)
    builder (2.1.2)
    cocaine (0.1.0)
    configuration (1.3.1)
    devise (1.4.2)
      bcrypt-ruby (~> 2.1.2)
      orm_adapter (~> 0.0.3)
      warden (~> 1.0.3)
    erubis (2.6.6)
      abstract (>= 1.0.0)
    fastercsv (1.5.4)
    heroku (2.3.6)
      launchy (>= 0.3.2)
      rest-client (~> 1.6.1)
      term-ansicolor (~> 1.0.5)
    httparty (0.8.3)
      multi_json (~> 1.0)
      multi_xml
    i18n (0.5.0)
    json (1.5.3)
    json (1.5.3-java)
    launchy (0.4.0)
      configuration (>= 0.0.5)
      rake (>= 0.8.1)
    mail (2.2.19)
      activesupport (>= 2.3.6)
      i18n (>= 0.4.0)
      mime-types (~> 1.16)
      treetop (~> 1.4.8)
    mime-types (1.16)
    money (4.0.2)
      i18n (~> 0.4)
      json
    multi_json (1.0.4)
    multi_xml (0.5.1)
    newrelic_rpm (3.3.2)
    orm_adapter (0.0.5)
    polyglot (0.3.1)
    rack (1.2.3)
    rack-mount (0.6.14)
      rack (>= 1.0.0)
    rack-test (0.5.7)
      rack (>= 1.0)
    rails (3.0.8)
      actionmailer (= 3.0.8)
      actionpack (= 3.0.8)
      activerecord (= 3.0.8)
      activeresource (= 3.0.8)
      activesupport (= 3.0.8)
      bundler (~> 1.0)
      railties (= 3.0.8)
    railties (3.0.8)
      actionpack (= 3.0.8)
      activesupport (= 3.0.8)
      rake (>= 0.8.7)
      thor (~> 0.14.4)
    rake (0.9.2)
    recaptcha (0.3.4)
    render_inheritable (1.0.0)
      rails (~> 3.0)
    rest-client (1.6.3)
      mime-types (>= 1.16)
    rmagick (2.13.1)
    sass (3.1.4)
    shortly (0.3.2)
      httparty
      json
    slim (0.9.4)
      temple (~> 0.3.0)
      tilt (~> 1.2)
    sqlite3 (1.3.3)
    temple (0.3.2)
    term-ansicolor (1.0.5)
    thor (0.14.6)
    tilt (1.3.2)
    treetop (1.4.9)
      polyglot (>= 0.3.1)
    typus (3.0.11)
      bcrypt-ruby
      fastercsv (~> 1.5)
      rails (~> 3.0.8)
      render_inheritable
      will_paginate (~> 3.0.pre2)
    tzinfo (0.3.29)
    validates_as_email_address (0.2.4)
    warden (1.0.4)
      rack (>= 1.0)
    will_paginate (3.0.2)
    xml-simple (1.1.0)

PLATFORMS
  java
  ruby

DEPENDENCIES
  aritcaptcha!
  aws-s3
  aws-ses (~> 0.4.4)
  couchrest!
  devise (~> 1.4)
  heroku
  json
  money
  newrelic_rpm (~> 3.3)
  paperclip!
  rails (= 3.0.8)
  recaptcha (= 0.3.4)
  rmagick
  sass
  shortly
  slim
  sqlite3
  typus (~> 3.0)
  validates_as_email_address
  wepay-rails!
