GIT
  remote: git://github.com/couchrest/couchrest.git
  revision: 239e6c95cfec7cb027bc613f9bb24f82c5751d64
  ref: 239e6c95cfec7
  specs:
    couchrest (1.1.2)
      mime-types (~> 1.15)
      multi_json (~> 1.0.0)
      rest-client (~> 1.6.1)

GIT
  remote: https://github.com/iain/http_accept_language.git
  revision: 1900d4e83f978af7d3b9dc68ccb3753a6736322f
  ref: 1900d4e83f
  specs:
    http_accept_language (2.0.0.pre)

GIT
  remote: https://github.com/mindeavor/aritcaptcha.git
  revision: f95ad8292012fa34bc0293e05de267553907a1d9
  specs:
    aritcaptcha (2.0.5)

GIT
  remote: https://github.com/mindeavor/wepay-rails
  revision: 059a73a5ed9af286c815fcb56c3130b788d9af56
  specs:
    wepay-rails (2.3.5)
      httparty

GIT
  remote: https://github.com/thoughtbot/paperclip
  revision: 7db7ce8eea292605be29d99d6a7a3d39ac833361
  tag: v2.3.14
  specs:
    paperclip (2.3.14)
      activerecord (>= 2.3.0)
      activesupport (>= 2.3.2)
      cocaine (>= 0.0.2)
      mime-types

GEM
  remote: http://rubygems.org/
  specs:
    actionmailer (3.2.8)
      actionpack (= 3.2.8)
      mail (~> 2.4.4)
    actionpack (3.2.8)
      activemodel (= 3.2.8)
      activesupport (= 3.2.8)
      builder (~> 3.0.0)
      erubis (~> 2.7.0)
      journey (~> 1.0.4)
      rack (~> 1.4.0)
      rack-cache (~> 1.2)
      rack-test (~> 0.6.1)
      sprockets (~> 2.1.3)
    activemodel (3.2.8)
      activesupport (= 3.2.8)
      builder (~> 3.0.0)
    activerecord (3.2.8)
      activemodel (= 3.2.8)
      activesupport (= 3.2.8)
      arel (~> 3.0.2)
      tzinfo (~> 0.3.29)
    activeresource (3.2.8)
      activemodel (= 3.2.8)
      activesupport (= 3.2.8)
    activesupport (3.2.8)
      i18n (~> 0.6)
      multi_json (~> 1.0)
    addressable (2.3.2)
    ansi (1.4.3)
    arel (3.0.2)
    aws-s3 (0.6.3)
      builder
      mime-types
      xml-simple
    aws-ses (0.4.4)
      builder
      mail (> 2.2.5)
      mime-types
      xml-simple
    bcrypt-ruby (3.0.1)
    bcrypt-ruby (3.0.1-java)
    builder (3.0.0)
    cocaine (0.3.0)
    coffee-rails (3.2.2)
      coffee-script (>= 2.2.0)
      railties (~> 3.2.0)
    coffee-script (2.2.0)
      coffee-script-source
      execjs
    coffee-script-source (1.3.3)
    devise (1.5.3)
      bcrypt-ruby (~> 3.0)
      orm_adapter (~> 0.0.3)
      warden (~> 1.1)
    erubis (2.7.0)
    excon (0.16.2)
    execjs (1.4.0)
      multi_json (~> 1.0)
    ffi (1.1.5-java)
    heroku (2.31.1)
      heroku-api (~> 0.3.4)
      launchy (>= 0.3.2)
      netrc (~> 0.7.7)
      rest-client (~> 1.6.1)
      rubyzip
    heroku-api (0.3.4)
      excon (~> 0.16.1)
    hike (1.2.1)
    httparty (0.8.3)
      multi_json (~> 1.0)
      multi_xml
    i18n (0.6.1)
    journey (1.0.4)
    jquery-rails (2.1.1)
      railties (>= 3.1.0, < 5.0)
      thor (~> 0.14)
    json (1.7.5)
    json (1.7.5-java)
    kaminari (0.13.0)
      actionpack (>= 3.0.0)
      activesupport (>= 3.0.0)
      railties (>= 3.0.0)
    launchy (2.1.2)
      addressable (~> 2.3)
    launchy (2.1.2-java)
      addressable (~> 2.3)
      ffi (~> 1.1.1)
      spoon (~> 0.0.1)
    mail (2.4.4)
      i18n (>= 0.4.0)
      mime-types (~> 1.16)
      treetop (~> 1.4.8)
    mime-types (1.19)
    minitest (3.2.0)
    minitest-spec-rails (3.0.6)
      minitest
      rails (~> 3.0)
    money (5.0.0)
      i18n (~> 0.4)
      json
    multi_json (1.0.4)
    multi_xml (0.5.1)
    netrc (0.7.7)
    newrelic_rpm (3.4.1)
    orm_adapter (0.0.7)
    polyglot (0.3.3)
    rack (1.4.1)
    rack-cache (1.2)
      rack (>= 0.4)
    rack-ssl (1.3.2)
      rack
    rack-test (0.6.1)
      rack (>= 1.0)
    rails (3.2.8)
      actionmailer (= 3.2.8)
      actionpack (= 3.2.8)
      activerecord (= 3.2.8)
      activeresource (= 3.2.8)
      activesupport (= 3.2.8)
      bundler (~> 1.0)
      railties (= 3.2.8)
    railties (3.2.8)
      actionpack (= 3.2.8)
      activesupport (= 3.2.8)
      rack-ssl (~> 1.3.2)
      rake (>= 0.8.7)
      rdoc (~> 3.4)
      thor (>= 0.14.6, < 2.0)
    rake (0.9.2.2)
    rdoc (3.12)
      json (~> 1.4)
    recaptcha (0.3.4)
    rest-client (1.6.7)
      mime-types (>= 1.16)
    rmagick (2.13.1)
    rubyzip (0.9.9)
    sass (3.2.1)
    sass-rails (3.2.5)
      railties (~> 3.2.0)
      sass (>= 3.1.10)
      tilt (~> 1.3)
    shortly (0.3.3)
      httparty
      json
    slim (1.2.2)
      temple (~> 0.4.0)
      tilt (~> 1.3.3)
    spoon (0.0.1)
    sprockets (2.1.3)
      hike (~> 1.2)
      rack (~> 1.0)
      tilt (~> 1.1, != 1.3.0)
    sqlite3 (1.3.6)
    temple (0.4.0)
    thor (0.16.0)
    tilt (1.3.3)
    treetop (1.4.10)
      polyglot
      polyglot (>= 0.3.1)
    turn (0.9.6)
      ansi
    typus (3.1.10)
      bcrypt-ruby (~> 3.0.0)
      jquery-rails
      rails (>= 3.1.3)
    tzinfo (0.3.33)
    uglifier (1.2.4)
      execjs (>= 0.3.0)
      multi_json (>= 1.0.2)
    validates_as_email_address (0.2.4)
    warden (1.2.1)
      rack (>= 1.0)
    xml-simple (1.1.1)

PLATFORMS
  java
  ruby

DEPENDENCIES
  aritcaptcha!
  aws-s3
  aws-ses (~> 0.4.4)
  coffee-rails
  couchrest!
  devise (~> 1.4)
  heroku
  http_accept_language!
  jquery-rails
  json
  kaminari
  minitest (~> 3.2.0)
  minitest-spec-rails (~> 3.0.5)
  money
  newrelic_rpm (~> 3.3)
  paperclip!
  rails (= 3.2.8)
  recaptcha (= 0.3.4)
  rmagick
  sass
  sass-rails
  shortly
  slim
  sqlite3
  turn (~> 0.9.6)
  typus
  uglifier
  validates_as_email_address
  wepay-rails!
